GEM
  remote: http://rubygems.org/
  specs:
    awesome_print (0.4.0)
    progress (1.1.3)
    thor (0.14.6)

PLATFORMS
  ruby

DEPENDENCIES
  awesome_print (= 0.4.0)
  progress (= 1.1.3)
  thor (= 0.14.6)
